GEM
  remote: https://rubygems.org/
  specs:
    debug (1.6.3)
      irb (>= 1.3.6)
      reline (>= 0.3.1)
    io-console (0.5.11)
    irb (1.4.2)
      reline (>= 0.3.0)
    matrix (0.4.2)
    reline (0.3.1)
      io-console (~> 0.5)
    set (1.0.3)
    sorbet (0.5.10554)
      sorbet-static (= 0.5.10554)
    sorbet-runtime (0.5.10554)
    sorbet-static (0.5.10554-x86_64-linux)
    sorbet-static-and-runtime (0.5.10554)
      sorbet (= 0.5.10554)
      sorbet-runtime (= 0.5.10554)

PLATFORMS
  x86_64-linux

DEPENDENCIES
  debug
  matrix
  set
  sorbet
  sorbet-static-and-runtime

RUBY VERSION
   ruby 3.1.2p20

BUNDLED WITH
   2.3.25
